PATH
  remote: .
  specs:
    toolrack (0.18.1)
      base58
      tlogger

GEM
  remote: https://rubygems.org/
  specs:
    base58 (0.2.3)
    devops_assist (0.1.4)
      git_cli
      git_cli_prompt
      gvcs
      tlogger
      toolrack
      tty-prompt
    diff-lcs (1.4.4)
    git_cli (0.9.0)
      gvcs
      ptools (~> 1.4.0)
      tlogger
      toolrack
    git_cli_prompt (0.2.2)
      tlogger
      toolrack
      tty-prompt
    gvcs (0.1.0)
    minitest (5.14.4)
    pastel (0.8.0)
      tty-color (~> 0.5)
    ptools (1.4.2)
    rake (12.3.3)
    rspec (3.10.0)
      rspec-core (~> 3.10.0)
      rspec-expectations (~> 3.10.0)
      rspec-mocks (~> 3.10.0)
    rspec-core (3.10.1)
      rspec-support (~> 3.10.0)
    rspec-expectations (3.10.1)
      diff-lcs (>= 1.2.0, < 2.0)
      rspec-support (~> 3.10.0)
    rspec-mocks (3.10.2)
      diff-lcs (>= 1.2.0, < 2.0)
      rspec-support (~> 3.10.0)
    rspec-support (3.10.3)
    tlogger (0.26.3)
    tty-color (0.6.0)
    tty-cursor (0.7.1)
    tty-prompt (0.23.1)
      pastel (~> 0.8)
      tty-reader (~> 0.8)
    tty-reader (0.9.0)
      tty-cursor (~> 0.7)
      tty-screen (~> 0.8)
      wisper (~> 2.0)
    tty-screen (0.8.1)
    wisper (2.0.1)

PLATFORMS
  x86_64-linux

DEPENDENCIES
  devops_assist
  minitest (~> 5.0)
  rake (~> 12.0)
  rspec
  toolrack!

BUNDLED WITH
   2.2.22
